GEM
  remote: https://rubygems.org/
  specs:
    haml (4.0.7)
      tilt
    libv8 (3.16.14.13)
    rack (1.6.4)
    rack-protection (1.5.3)
      rack
    ref (2.0.0)
    sinatra (1.4.7)
      rack (~> 1.5)
      rack-protection (~> 1.4)
      tilt (>= 1.3, < 3)
    therubyracer (0.12.2)
      libv8 (~> 3.16.14.0)
      ref
    tilt (2.0.2)

PLATFORMS
  ruby

DEPENDENCIES
  haml
  sinatra
  therubyracer

BUNDLED WITH
   1.10.6
